PATH
  remote: .
  specs:
    ontologies_api_client (2.2.0)
      activesupport (= 6.1.5.1)
      addressable (~> 2.8)
      excon
      faraday
      faraday-excon (~> 2.0.0)
      faraday-multipart
      lz4-ruby
      multi_json
      oj
      spawnling (= 2.1.5)

GEM
  remote: https://rubygems.org/
  specs:
    activesupport (6.1.5.1)
      concurrent-ruby (~> 1.0, >= 1.0.2)
      i18n (>= 1.6, < 2)
      minitest (>= 5.1)
      tzinfo (~> 2.0)
      zeitwerk (~> 2.3)
    addressable (2.8.1)
      public_suffix (>= 2.0.2, < 6.0)
    coderay (1.1.3)
    concurrent-ruby (1.1.10)
    excon (0.95.0)
    faraday (2.0.1)
      faraday-net_http (~> 2.0)
      ruby2_keywords (>= 0.0.4)
    faraday-excon (2.0.0)
      excon (>= 0.27.4)
      faraday (~> 2.0.0.alpha.pre.2)
    faraday-multipart (1.0.4)
      multipart-post (~> 2)
    faraday-net_http (2.1.0)
    i18n (1.12.0)
      concurrent-ruby (~> 1.0)
    lz4-ruby (0.3.3)
    method_source (1.0.0)
    minitest (5.16.3)
    multi_json (1.15.0)
    multipart-post (2.2.3)
    oj (3.13.23)
    power_assert (2.0.1)
    pry (0.14.1)
      coderay (~> 1.1)
      method_source (~> 1.0)
    public_suffix (5.0.1)
    rake (13.0.6)
    ruby2_keywords (0.0.5)
    spawnling (2.1.5)
    test-unit (3.5.3)
      power_assert
    tzinfo (2.0.5)
      concurrent-ruby (~> 1.0)
    zeitwerk (2.6.6)

PLATFORMS
  ruby
  x86_64-darwin-16
  x86_64-darwin-17
  x86_64-linux

DEPENDENCIES
  ontologies_api_client!
  pry
  rake
  test-unit

BUNDLED WITH
   2.3.22
