PATH
  remote: .
  specs:
    ontologies_api_client (2.0.0)
      activesupport (>= 5.1.7, < 6.1.0)
      excon
      faraday
      lz4-ruby
      multi_json
      oj
      spawnling (= 2.1.5)

GEM
  remote: https://rubygems.org/
  specs:
    activesupport (6.0.3.2)
      concurrent-ruby (~> 1.0, >= 1.0.2)
      i18n (>= 0.7, < 2)
      minitest (~> 5.1)
      tzinfo (~> 1.1)
      zeitwerk (~> 2.2, >= 2.2.2)
    coderay (1.1.3)
    concurrent-ruby (1.1.6)
    excon (0.76.0)
    faraday (1.0.1)
      multipart-post (>= 1.2, < 3)
    i18n (1.8.5)
      concurrent-ruby (~> 1.0)
    lz4-ruby (0.3.3)
    method_source (1.0.0)
    minitest (5.14.1)
    multi_json (1.15.0)
    multipart-post (2.1.1)
    oj (3.10.8)
    power_assert (1.2.0)
    pry (0.13.1)
      coderay (~> 1.1)
      method_source (~> 1.0)
    rake (13.0.1)
    spawnling (2.1.5)
    test-unit (3.3.6)
      power_assert
    thread_safe (0.3.6)
    tzinfo (1.2.7)
      thread_safe (~> 0.1)
    zeitwerk (2.4.0)

PLATFORMS
  ruby
  x86_64-darwin-16
  x86_64-darwin-17

DEPENDENCIES
  ontologies_api_client!
  pry
  rake
  test-unit

BUNDLED WITH
   2.1.4
