PATH
  remote: .
  specs:
    ontologies_api_client (2.2.4)
      activesupport (= 7.0.8)
      addressable (~> 2.8)
      excon
      faraday
      faraday-excon
      faraday-multipart
      lz4-ruby
      multi_json
      oj
      spawnling (= 2.1.5)

GEM
  remote: https://rubygems.org/
  specs:
    activesupport (7.0.8)
      concurrent-ruby (~> 1.0, >= 1.0.2)
      i18n (>= 1.6, < 2)
      minitest (>= 5.1)
      tzinfo (~> 2.0)
    addressable (2.8.5)
      public_suffix (>= 2.0.2, < 6.0)
    ast (2.4.2)
    base64 (0.2.0)
    coderay (1.1.3)
    concurrent-ruby (1.2.2)
    excon (0.105.0)
    faraday (2.7.12)
      base64
      faraday-net_http (>= 2.0, < 3.1)
      ruby2_keywords (>= 0.0.4)
    faraday-excon (2.1.0)
      excon (>= 0.27.4)
      faraday (~> 2.0)
    faraday-follow_redirects (0.3.0)
      faraday (>= 1, < 3)
    faraday-multipart (1.0.4)
      multipart-post (~> 2)
    faraday-net_http (3.0.2)
    i18n (1.14.1)
      concurrent-ruby (~> 1.0)
    json (2.6.3)
    language_server-protocol (3.17.0.3)
    lz4-ruby (0.3.3)
    method_source (1.0.0)
    minitest (5.20.0)
    minitest-hooks (1.5.1)
      minitest (> 5.3)
    multi_json (1.15.0)
    multipart-post (2.3.0)
    oj (3.16.1)
    parallel (1.23.0)
    parser (3.2.2.4)
      ast (~> 2.4.1)
      racc
    pry (0.14.2)
      coderay (~> 1.1)
      method_source (~> 1.0)
    public_suffix (5.0.4)
    racc (1.7.3)
    rainbow (3.1.1)
    rake (13.1.0)
    regexp_parser (2.8.2)
    rexml (3.2.6)
    rubocop (1.57.2)
      json (~> 2.3)
      language_server-protocol (>= 3.17.0)
      parallel (~> 1.10)
      parser (>= 3.2.2.4)
      rainbow (>= 2.2.2, < 4.0)
      regexp_parser (>= 1.8, < 3.0)
      rexml (>= 3.2.5, < 4.0)
      rubocop-ast (>= 1.28.1, < 2.0)
      ruby-progressbar (~> 1.7)
      unicode-display_width (>= 2.4.0, < 3.0)
    rubocop-ast (1.30.0)
      parser (>= 3.2.1.0)
    ruby-progressbar (1.13.0)
    ruby2_keywords (0.0.5)
    spawnling (2.1.5)
    tzinfo (2.0.6)
      concurrent-ruby (~> 1.0)
    unicode-display_width (2.5.0)

PLATFORMS
  ruby
  x86_64-darwin-16
  x86_64-darwin-17
  x86_64-linux

DEPENDENCIES
  faraday-follow_redirects (~> 0.3)
  minitest (~> 5.20)
  minitest-hooks (~> 1.5)
  ontologies_api_client!
  pry
  rake
  rubocop (~> 1.43)

BUNDLED WITH
   2.3.22
